PATH
  remote: .
  specs:
    pokemon_Api (0.1.0)

GEM
  remote: https://rubygems.org/
  specs:
    rake (12.3.3)

PLATFORMS
  ruby

DEPENDENCIES
  pokemon_Api!
  rake (~> 12.0)

BUNDLED WITH
   2.1.4
